GEM
  remote: https://rubygems.org/
  specs:
    colorize (0.5.8)
    coveralls (0.6.3)
      colorize
      multi_json (~> 1.3)
      rest-client
      simplecov (>= 0.7)
      thor
    diff-lcs (1.2.1)
    metaclass (0.0.1)
    mime-types (1.21)
    mocha (0.13.3)
      metaclass (~> 0.0.1)
    multi_json (1.7.2)
    rest-client (1.6.7)
      mime-types (>= 1.16)
    rspec-core (2.13.1)
    rspec-expectations (2.13.0)
      diff-lcs (>= 1.1.3, < 2.0)
    simplecov (0.7.1)
      multi_json (~> 1.0)
      simplecov-html (~> 0.7.1)
    simplecov-html (0.7.1)
    thor (0.18.1)
    yard (0.8.5.2)

PLATFORMS
  ruby

DEPENDENCIES
  coveralls (~> 0.6.3)
  mocha (~> 0.13.3)
  rspec-core (~> 2.13.1)
  rspec-expectations (~> 2.13.0)
  thor (~> 0.18.1)
  yard (~> 0.8.5)
